GEM
  remote: https://rubygems.org/
  specs:
    excon (0.25.3)
    i18n (0.6.9)
    multi_json (1.7.9)
    oj (2.1.4)
    xmpp4r (0.5)

PLATFORMS
  ruby

DEPENDENCIES
  excon
  i18n
  multi_json
  oj
  xmpp4r
